GEM
  remote: https://rubygems.org/
  specs:
    concurrent-ruby (1.0.2)
    couchrest (1.2.1)
      mime-types (>= 1.15)
      multi_json (~> 1.7, ~> 1.0)
      rest-client (~> 1.8.0)
    domain_name (0.5.20160615)
      unf (>= 0.0.5, < 1.0.0)
    http-cookie (1.0.2)
      domain_name (~> 0.5)
    mime-types (2.99.2)
    multi_json (1.12.1)
    netrc (0.11.0)
    rest-client (1.8.0)
      http-cookie (>= 1.0.2, < 2.0)
      mime-types (>= 1.16, < 3.0)
      netrc (~> 0.7)
    stoplight (2.0.0)
      concurrent-ruby (~> 1.0)
    unf (0.1.4)
      unf_ext
    unf_ext (0.0.7.2)

PLATFORMS
  ruby

DEPENDENCIES
  couchrest (~> 1.2, >= 1.2.1)
  stoplight
